PATH
  remote: .
  specs:
    csv2excel (0.2.0)
      caxlsx (~> 3.0.1)

GEM
  remote: https://rubygems.org/
  specs:
    caxlsx (3.0.1)
      htmlentities (~> 4.3, >= 4.3.4)
      mimemagic (~> 0.3)
      nokogiri (~> 1.10, >= 1.10.4)
      rubyzip (>= 1.3.0, < 3)
    coderay (1.1.2)
    diff-lcs (1.3)
    htmlentities (4.3.4)
    method_source (0.9.2)
    mimemagic (0.3.4)
    mini_portile2 (2.4.0)
    nokogiri (1.10.7)
      mini_portile2 (~> 2.4.0)
    pry (0.12.2)
      coderay (~> 1.1.0)
      method_source (~> 0.9.0)
    rake (13.0.1)
    rspec (3.9.0)
      rspec-core (~> 3.9.0)
      rspec-expectations (~> 3.9.0)
      rspec-mocks (~> 3.9.0)
    rspec-core (3.9.1)
      rspec-support (~> 3.9.1)
    rspec-expectations (3.9.0)
      diff-lcs (>= 1.2.0, < 2.0)
      rspec-support (~> 3.9.0)
    rspec-mocks (3.9.1)
      diff-lcs (>= 1.2.0, < 2.0)
      rspec-support (~> 3.9.0)
    rspec-support (3.9.2)
    rubyzip (2.2.0)

PLATFORMS
  ruby

DEPENDENCIES
  bundler (~> 2.1)
  csv2excel!
  pry (~> 0.12.2)
  rake (~> 13.0)
  rspec (~> 3.0)

BUNDLED WITH
   2.1.4
